GIT
  remote: http://github.com/cloudfoundry/cf-app-utils-ruby.git
  revision: bbad1b0df516cb26ff3399495db92ee9cbdb4b8b
  specs:
    cf-app-utils (0.6)

GEM
  remote: https://rubygems.org/
  specs:
    childprocess (0.5.6)
      ffi (~> 1.0, >= 1.0.11)
    diff-lcs (1.2.5)
    ffi (1.9.10)
    rack (1.6.4)
    rack-protection (1.5.3)
      rack
    rack-test (0.6.3)
      rack (>= 1.0)
    rspec (3.3.0)
      rspec-core (~> 3.3.0)
      rspec-expectations (~> 3.3.0)
      rspec-mocks (~> 3.3.0)
    rspec-core (3.3.2)
      rspec-support (~> 3.3.0)
    rspec-expectations (3.3.1)
      diff-lcs (>= 1.2.0, < 2.0)
      rspec-support (~> 3.3.0)
    rspec-mocks (3.3.2)
      diff-lcs (>= 1.2.0, < 2.0)
      rspec-support (~> 3.3.0)
    rspec-support (3.3.0)
    sinatra (1.4.6)
      rack (~> 1.4)
      rack-protection (~> 1.4)
      tilt (>= 1.3, < 3)
    stomp (1.2.5)
    tilt (2.0.1)

PLATFORMS
  ruby

DEPENDENCIES
  cf-app-utils!
  childprocess
  rack-test
  rspec
  sinatra
  stomp

BUNDLED WITH
   1.11.2
